FRAMEWORK: NET46
NUGET
  remote: https://www.nuget.org/api/v2
    CommonMark.NET (0.15.1)
    FAKE (4.50.1)
    FSharp.Compiler.Service (10.0.3)
      System.Collections.Immutable (>= 1.2)
      System.Reflection.Metadata (>= 1.4.1-beta-24227-04)
    FSharp.Core (4.0.0.1)
    FSharp.Quotations.Evaluator (1.0.7)
    System.Collections.Immutable (1.3.1)
    System.Reflection.Metadata (1.4.2)
      System.Collections.Immutable (>= 1.3.1)
