FRAMEWORK: NET46
NUGET
  remote: https://www.nuget.org/api/v2
    Argu (3.7)
    CommonMark.NET (0.15.1)
    dotless (1.5.2)
    Expecto (4.0.3)
      Argu (>= 3.2)
      FSharp.Core (>= 3.1.2.5)
      Mono.Cecil (>= 0.9.6.4)
    FAKE (4.52)
    FSharp.Compiler.Service (11.0.4)
      System.Collections.Immutable (>= 1.2)
      System.Reflection.Metadata (>= 1.4.1-beta-24227-04)
    FSharp.Configuration (0.6.4)
    FSharp.Core (4.0.0.1)
    FSharp.Quotations.Evaluator (1.0.7)
    Mono.Cecil (0.9.6.4)
    Suave (2.0.4)
      FSharp.Core (>= 4.0.0.1)
    System.Collections.Immutable (1.3.1)
    System.Reflection.Metadata (1.4.2)
      System.Collections.Immutable (>= 1.3.1)
    YamlDotNet (4.1)
  remote: paket-files/github.com/Krzysztof-Cieslak/FsYaml/bin
    FsYaml (2.1.0)
      FSharp.Configuration (>= 0.4.10)
      YamlDotNet (>= 3.8)
GIT
  remote: https://github.com/Krzysztof-Cieslak/FsYaml.git
     (18d38e3085716667db9f873e56316df1feb9bec7)
      build: build.cmd BuildPackage
      path: /bin/
      os: windows
     (18d38e3085716667db9f873e56316df1feb9bec7)
      build: build.sh BuildPackage
      path: /bin/
      os: mono